PATH
  remote: .
  specs:
    tacklebox (0.1.3)
      faraday (~> 1.4, >= 1.4.1)
      json (~> 2.5, >= 2.5.1)

GEM
  remote: https://rubygems.org/
  specs:
    faraday (1.4.2)
      faraday-em_http (~> 1.0)
      faraday-em_synchrony (~> 1.0)
      faraday-excon (~> 1.1)
      faraday-net_http (~> 1.0)
      faraday-net_http_persistent (~> 1.1)
      multipart-post (>= 1.2, < 3)
      ruby2_keywords (>= 0.0.4)
    faraday-em_http (1.0.0)
    faraday-em_synchrony (1.0.0)
    faraday-excon (1.1.0)
    faraday-net_http (1.0.1)
    faraday-net_http_persistent (1.1.0)
    json (2.5.1)
    multipart-post (2.1.1)
    rake (12.3.3)
    ruby2_keywords (0.0.4)

PLATFORMS
  x86_64-linux

DEPENDENCIES
  rake (~> 12.0)
  tacklebox!

BUNDLED WITH
   2.2.17
